GEM
  remote: http://rubygems.org/
  specs:
    activerecord-jdbc-adapter (1.2.2.1)
    activerecord-jdbcmysql-adapter (1.2.2.1)
      activerecord-jdbc-adapter (~> 1.2.2.1)
      jdbc-mysql (~> 5.1.0)
    bouncy-castle-java (1.5.0146.1)
    builder (3.1.4)
    haml (3.1.7)
    jdbc-mysql (5.1.13)
    jruby-jars (1.6.8)
    jruby-openssl (0.7.7)
      bouncy-castle-java (>= 1.5.0146.1)
    jruby-rack (1.1.10)
    jruby-rack-worker (0.8.0)
      jruby-rack (>= 1.1.10)
    json (1.5.0)
    json (1.5.0-java)
    json-jruby (1.5.0-java)
      json (= 1.5.0)
    jsonpath (0.5.0)
      multi_json
    multi_json (1.3.7)
    nokogiri (1.5.5)
    nokogiri (1.5.5-java)
    open_nlp (0.0.6-java)
    rack (1.4.1)
    rack-protection (1.2.0)
      rack
    rake (0.9.2.2)
    redis (3.0.2)
    redis-namespace (1.2.1)
      redis (~> 3.0.0)
    resque (1.23.0)
      multi_json (~> 1.0)
      redis-namespace (~> 1.0)
      sinatra (>= 0.9.2)
      vegas (~> 0.1.2)
    rsolr (1.0.8)
      builder (>= 2.1.2)
    rsolr-ext (1.0.3)
      rsolr (>= 1.0.2)
    rubyzip (0.9.9)
    sinatra (1.3.3)
      rack (~> 1.3, >= 1.3.6)
      rack-protection (~> 1.2)
      tilt (~> 1.3, >= 1.3.3)
    tilt (1.3.3)
    vegas (0.1.11)
      rack (>= 1.0.0)
    warbler (1.3.6)
      jruby-jars (>= 1.4.0)
      jruby-rack (>= 1.0.0)
      rake (>= 0.8.7)
      rubyzip (>= 0.9.4)

PLATFORMS
  java
  ruby

DEPENDENCIES
  activerecord-jdbc-adapter
  activerecord-jdbcmysql-adapter
  haml
  jdbc-mysql
  jruby-jars (= 1.6.8)
  jruby-openssl
  jruby-rack-worker
  json-jruby
  jsonpath
  nokogiri
  open_nlp (~> 0.0.6)
  resque
  rsolr
  rsolr-ext
  sinatra
  warbler
